PATH
  remote: .
  specs:
    shucker (0.0.1)
      rake
      rspec-core (~> 2.11, >= 2.11.1)
      rspec-expectations (~> 2.11, >= 2.11.3)
      rspec-mocks (~> 2.11, >= 2.11.3)

GEM
  remote: http://rubygems.org/
  specs:
    diff-lcs (1.1.3)
    rake (0.9.2.2)
    rspec-core (2.11.1)
    rspec-expectations (2.11.3)
      diff-lcs (~> 1.1.3)
    rspec-mocks (2.11.3)

PLATFORMS
  ruby

DEPENDENCIES
  shucker!
